RESTRICTION: == net462
NUGET
  remote: https://www.nuget.org/api/v2
    FAKE (4.63)
    FSharp.Core (4.0.0.1) - redirects: force
    Suave (2.1.1)
      FSharp.Core (>= 4.0.0.1)
    Suave.Experimental (2.1.1)
      FSharp.Core (>= 4.0.0.1)
      Suave (>= 2.1.1)
