RESTRICTION: == net462
NUGET
  remote: https://www.nuget.org/api/v2
    BCrypt-Official (0.1.109)
    DotLiquid (2.0.200)
    FAKE (4.63.2)
    FSharp.Core (4.0.0.1) - redirects: force
    MySql.Data (6.8.8)
    SQLProvider (1.1.10)
    Suave (2.1.1)
      FSharp.Core (>= 4.0.0.1)
